GEM
  remote: http://rubygems.org/
  specs:
    json (1.7.6)
    pg (0.14.1)
    rack (1.4.4)
    rack-protection (1.3.2)
      rack
    sequel (3.43.0)
    sinatra (1.3.3)
      rack (~> 1.3, >= 1.3.6)
      rack-protection (~> 1.2)
      tilt (~> 1.3, >= 1.3.3)
    tilt (1.3.3)

PLATFORMS
  ruby

DEPENDENCIES
  json
  pg
  sequel
  sinatra
